GEM
  remote: https://rubygems.org/
  specs:
    chartkick (4.0.5)
    coderay (1.1.3)
    method_source (1.0.0)
    mocha (1.13.0)
    pry (0.14.1)
      coderay (~> 1.1)
      method_source (~> 1.0)
    rack (2.2.3)
    rack-mini-profiler (2.3.3)
      rack (>= 1.2.0)
    rack-test (1.1.0)
      rack (>= 1.0, < 3)
    securerandom (0.1.0)
    tlsmail (0.0.1)

PLATFORMS
  x86-mingw32

DEPENDENCIES
  chartkick
  mocha
  pry
  rack
  rack-mini-profiler
  rack-test
  securerandom
  tlsmail

BUNDLED WITH
   2.2.24
